GEM
  remote: http://torquebox.org/2x/builds/LATEST/gem-repo/
  remote: http://rubygems.org/
  specs:
    activesupport (3.1.1)
      multi_json (~> 1.0)
    blankslate (2.1.2.4)
    i18n (0.6.0)
    jmx (0.7)
    multi_json (1.0.3)
    rake (0.8.7)
    thor (0.14.6)
    torquebox (2.x.incremental.583)
      thor (>= 0.9.0, < 1.0.0)
      torquebox-cache (= 2.x.incremental.583)
      torquebox-configure (= 2.x.incremental.583)
      torquebox-core (= 2.x.incremental.583)
      torquebox-messaging (= 2.x.incremental.583)
      torquebox-naming (= 2.x.incremental.583)
      torquebox-rake-support (= 2.x.incremental.583)
      torquebox-security (= 2.x.incremental.583)
      torquebox-stomp (= 2.x.incremental.583)
      torquebox-transactions (= 2.x.incremental.583)
      torquebox-vfs (= 2.x.incremental.583)
      torquebox-web (= 2.x.incremental.583)
    torquebox-cache (2.x.incremental.583-java)
      torquebox-core (= 2.x.incremental.583)
      torquebox-transactions (= 2.x.incremental.583)
    torquebox-configure (2.x.incremental.583-java)
      blankslate (= 2.1.2.4)
    torquebox-core (2.x.incremental.583-java)
    torquebox-messaging (2.x.incremental.583-java)
      torquebox-core (= 2.x.incremental.583)
      torquebox-transactions (= 2.x.incremental.583)
    torquebox-naming (2.x.incremental.583-java)
    torquebox-rake-support (2.x.incremental.583)
      rake (= 0.8.7)
    torquebox-security (2.x.incremental.583-java)
      torquebox-core (= 2.x.incremental.583)
    torquebox-stomp (2.x.incremental.583)
      torquebox-core (= 2.x.incremental.583)
      torquebox-messaging (= 2.x.incremental.583)
    torquebox-transactions (2.x.incremental.583)
      torquebox-core (= 2.x.incremental.583)
    torquebox-vfs (2.x.incremental.583-java)
    torquebox-web (2.x.incremental.583-java)

PLATFORMS
  java

DEPENDENCIES
  activesupport
  i18n
  jmx
  rake
  torquebox (~> 2.x.incremental)
  torquebox-core (~> 2.x.incremental)
  torquebox-messaging (~> 2.x.incremental)
